PATH
  remote: .
  specs:
    mappable_attributes (0.0.5)
      activesupport (>= 3.0.0)
      i18n (>= 0.5)

GEM
  remote: http://rubygems.org/
  specs:
    ZenTest (4.6.0)
    activesupport (3.0.9)
    diff-lcs (1.1.2)
    i18n (0.6.0)
    maruku (0.6.0)
      syntax (>= 1.0.0)
    rake (0.9.2)
    rspec (2.6.0)
      rspec-core (~> 2.6.0)
      rspec-expectations (~> 2.6.0)
      rspec-mocks (~> 2.6.0)
    rspec-core (2.6.4)
    rspec-expectations (2.6.0)
      diff-lcs (~> 1.1.2)
    rspec-mocks (2.6.0)
    simplecov (0.4.2)
      simplecov-html (~> 0.4.4)
    simplecov-html (0.4.5)
    syntax (1.0.0)
    yard (0.7.2)

PLATFORMS
  ruby

DEPENDENCIES
  ZenTest (~> 4.5)
  mappable_attributes!
  maruku (~> 0.6)
  rake (~> 0.9)
  rspec (~> 2.6)
  simplecov (~> 0.4)
  yard (~> 0.7)
